GEM
  remote: https://rubygems.org/
  specs:
    CFPropertyList (2.3.1)
    awesome_print (1.6.1)
    builder (3.2.2)
    calabash (2.0.0.pre3)
      awesome_print
      bundler (>= 1.3.0, < 2.0)
      clipboard
      edn (>= 1.0.6, < 2.0)
      escape (>= 0.0.4, < 1.0)
      geocoder (>= 1.1.8, < 2.0)
      httpclient (~> 2.6)
      json
      luffa
      rubyzip (~> 1.1)
      run_loop (>= 1.4.1, < 2.0)
    clipboard (1.0.6)
    coderay (1.1.0)
    cucumber (2.0.2)
      builder (>= 2.1.2)
      cucumber-core (~> 1.2.0)
      diff-lcs (>= 1.1.3)
      gherkin (~> 2.12)
      multi_json (>= 1.7.5, < 2.0)
      multi_test (>= 0.1.2)
    cucumber-core (1.2.0)
      gherkin (~> 2.12.0)
    diff-lcs (1.2.5)
    edn (1.1.0)
    escape (0.0.4)
    geocoder (1.2.9)
    gherkin (2.12.2)
      multi_json (~> 1.3)
    httpclient (2.6.0.1)
    json (1.8.3)
    luffa (1.0.7)
      awesome_print (~> 1.2)
      json (~> 1.8)
      retriable (>= 1.3.3.1, < 2.1)
      thor (~> 0.19)
    method_source (0.8.2)
    multi_json (1.11.2)
    multi_test (0.1.2)
    pry (0.10.1)
      coderay (~> 1.1.0)
      method_source (~> 0.8.1)
      slop (~> 3.4)
    pry-nav (0.2.4)
      pry (>= 0.9.10, < 0.11.0)
    retriable (2.0.2)
    rspec (3.3.0)
      rspec-core (~> 3.3.0)
      rspec-expectations (~> 3.3.0)
      rspec-mocks (~> 3.3.0)
    rspec-core (3.3.2)
      rspec-support (~> 3.3.0)
    rspec-expectations (3.3.1)
      diff-lcs (>= 1.2.0, < 2.0)
      rspec-support (~> 3.3.0)
    rspec-mocks (3.3.2)
      diff-lcs (>= 1.2.0, < 2.0)
      rspec-support (~> 3.3.0)
    rspec-support (3.3.0)
    rubyzip (1.1.7)
    run_loop (1.4.1)
      CFPropertyList (~> 2.2)
      awesome_print (~> 1.2)
      json (~> 1.8)
      retriable (>= 1.3.3.1, < 2.1)
      thor (>= 0.18.1, < 1.0)
    slop (3.6.0)
    thor (0.19.1)
    xcpretty (0.1.11)

PLATFORMS
  ruby

DEPENDENCIES
  calabash (= 2.0.0.pre3)
  cucumber (~> 2.0)
  pry
  pry-nav
  rspec (~> 3.0)
  run_loop (>= 1.4.1, < 2.0)
  xcpretty (>= 0.1.11, < 1.0)
